GEM
  remote: https://rubygems.org/
  remote: https://rails-assets.org/
  specs:
    haml (4.0.6)
      tilt
    hike (1.2.3)
    multi_json (1.11.0)
    opal (0.7.2)
      hike (~> 1.2)
      sourcemap (~> 0.1.0)
      sprockets (>= 2.2.3, < 3.0.0)
      tilt (~> 1.4)
    opal-jquery (0.3.0)
      opal (~> 0.7.0)
    rack (1.6.1)
    rails-assets-jquery (2.1.4)
    sass (3.4.14)
    sourcemap (0.1.1)
    sprockets (2.12.3)
      hike (~> 1.2)
      multi_json (~> 1.0)
      rack (~> 1.0)
      tilt (~> 1.1, != 1.3.0)
    tilt (1.4.1)

PLATFORMS
  ruby

DEPENDENCIES
  haml
  opal
  opal-jquery
  rails-assets-jquery!
  sass
